GEM
  remote: http://rubygems.org/
  specs:
    activesupport (6.1.4.1)
      concurrent-ruby (~> 1.0, >= 1.0.2)
      i18n (>= 1.6, < 2)
      minitest (>= 5.1)
      tzinfo (~> 2.0)
      zeitwerk (~> 2.3)
    coderay (1.1.3)
    concurrent-ruby (1.1.9)
    i18n (1.8.10)
      concurrent-ruby (~> 1.0)
    intercom (4.1.2)
    method_source (1.0.0)
    minitest (5.14.4)
    mutations (0.9.1)
      activesupport
    pry (0.14.1)
      coderay (~> 1.1)
      method_source (~> 1.0)
    tzinfo (2.0.4)
      concurrent-ruby (~> 1.0)
    zeitwerk (2.4.2)

PLATFORMS
  universal-darwin-20

DEPENDENCIES
  intercom
  mutations
  pry

BUNDLED WITH
   2.2.28
