GEM
  remote: http://rubygems.org/
  specs:
    coderay (1.1.3)
    intercom (4.1.2)
    method_source (1.0.0)
    pry (0.14.1)
      coderay (~> 1.1)
      method_source (~> 1.0)

PLATFORMS
  universal-darwin-20

DEPENDENCIES
  intercom
  pry

BUNDLED WITH
   2.2.27
